PATH
  remote: .
  specs:
    thefox-pastebin (1.2.0.pre.dev)
      dotenv (~> 2.0)
      highline (~> 1.7)

GEM
  remote: https://rubygems.org/
  specs:
    dotenv (2.0.2)
    highline (1.7.8)

PLATFORMS
  ruby

DEPENDENCIES
  bundler (~> 1.10)
  thefox-pastebin!

BUNDLED WITH
   1.10.2
